GEM
  remote: http://rubygems.org/
  specs:
    activesupport (2.3.9)
    crack (0.1.8)
    diff-lcs (1.1.2)
    echoe (4.3.1)
      gemcutter
      rubyforge
    fakeweb (1.3.0)
    gemcutter (0.6.1)
    hoe (2.6.1)
      rake (>= 0.8.7)
      rubyforge (>= 2.0.4)
    httparty (0.6.1)
      crack (= 0.1.8)
    json (1.4.6)
    json_pure (1.4.6)
    mime-types (1.16)
    multipart-post (1.0.1)
    rake (0.8.7)
    rspec (1.3.0)
    rubyforge (2.0.4)
      json_pure (>= 1.1.7)
    test-unit (1.2.3)
      hoe (>= 1.5.1)

PLATFORMS
  ruby

DEPENDENCIES
  activesupport (= 2.3.9)
  diff-lcs
  echoe
  fakeweb
  httparty (= 0.6.1)
  json
  mime-types
  multipart-post
  rake
  rspec (= 1.3.0)
  test-unit (= 1.2.3)
